GEM
  remote: http://rubygems.org/
  specs:
    coffee-script (2.2.0)
      coffee-script-source
      execjs
    coffee-script-source (1.1.2)
    execjs (1.2.4)
      multi_json (~> 1.0)
    growl (1.0.3)
    guard (0.6.2)
      thor (~> 0.14.6)
    guard-coffeescript (0.3.3)
      coffee-script (>= 2.2.0)
      guard (>= 0.4)
    haml (3.1.2)
    multi_json (1.0.3)
    powder (0.1.6)
      thor (>= 0.11.5)
    rack (1.3.2)
    rb-fsevent (0.4.3.1)
    sass (3.1.7)
    sinatra (1.2.6)
      rack (~> 1.1)
      tilt (>= 1.2.2, < 2.0)
    thor (0.14.6)
    tilt (1.3.2)

PLATFORMS
  ruby

DEPENDENCIES
  growl
  guard
  guard-coffeescript
  haml
  powder
  rb-fsevent
  sass
  sinatra
